GEM
  remote: https://rubygems.org/
  specs:
    coderay (1.1.0)
    ffi (1.9.10)
    grimm (0.0.3)
      pry
      puma
      rack
      sqlite3
      tilt
    method_source (0.8.2)
    pry (0.10.3)
      coderay (~> 1.1.0)
      method_source (~> 0.8.1)
      slop (~> 3.4)
    puma (2.15.3)
    rack (1.6.4)
    slop (3.6.0)
    sqlite3 (0.1.1)
      ffi (>= 0.6.3)
    tilt (2.0.2)

PLATFORMS
  ruby

DEPENDENCIES
  grimm (~> 0.0.3)
  sqlite3

BUNDLED WITH
   1.11.2
